GIT
  remote: https://github.com/middlicomp/aperitiiif-cli.git
  revision: d36c0fd4520d9d7346aaaacc74608da74a5aae56
  branch: lazy-load-html
  specs:
    aperitiiif (0.1.2)
      colorize
      iiif-presentation (= 1.1)
      liquid
      mimemagic
      parallel
      ruby-progressbar
      ruby-vips
      safe_yaml
      thor

GEM
  remote: https://rubygems.org/
  specs:
    activesupport (7.1.3.2)
      base64
      bigdecimal
      concurrent-ruby (~> 1.0, >= 1.0.2)
      connection_pool (>= 2.2.5)
      drb
      i18n (>= 1.6, < 2)
      minitest (>= 5.1)
      mutex_m
      tzinfo (~> 2.0)
    base64 (0.2.0)
    bigdecimal (3.1.7)
    colorize (1.1.0)
    concurrent-ruby (1.2.3)
    connection_pool (2.4.1)
    drb (2.2.1)
    faraday (2.9.0)
      faraday-net_http (>= 2.0, < 3.2)
    faraday-net_http (3.1.0)
      net-http
    ffi (1.16.3)
    i18n (1.14.4)
      concurrent-ruby (~> 1.0)
    iiif-presentation (1.1.0)
      activesupport (>= 3.2.18)
      faraday (>= 0.9)
      json
    json (2.7.1)
    liquid (5.5.0)
    mimemagic (0.4.3)
      nokogiri (~> 1)
      rake
    minitest (5.22.3)
    mutex_m (0.2.0)
    net-http (0.4.1)
      uri
    nokogiri (1.16.3-arm64-darwin)
      racc (~> 1.4)
    nokogiri (1.16.3-x86_64-darwin)
      racc (~> 1.4)
    nokogiri (1.16.3-x86_64-linux)
      racc (~> 1.4)
    parallel (1.24.0)
    racc (1.7.3)
    rake (13.1.0)
    ruby-progressbar (1.13.0)
    ruby-vips (2.2.1)
      ffi (~> 1.12)
    safe_yaml (1.0.5)
    thor (1.3.1)
    tzinfo (2.0.6)
      concurrent-ruby (~> 1.0)
    uri (0.13.0)

PLATFORMS
  arm64-darwin-22
  x86_64-darwin-21
  x86_64-linux

DEPENDENCIES
  aperitiiif!

BUNDLED WITH
   2.3.12
